GEM
  remote: http://rubygems.org/
  remote: http://rubygems.org/
  specs:
    backports (2.3.0)
    eventmachine (0.12.10)
    haml (3.1.4)
    rack (1.3.5)
    rack-flash (0.1.2)
      rack
    rack-protection (1.1.4)
      rack
    rack-test (0.6.1)
      rack (>= 1.0)
    rdiscount (1.6.8)
    sass (3.1.11)
    sinatra (1.3.1)
      rack (~> 1.3, >= 1.3.4)
      rack-protection (~> 1.1, >= 1.1.2)
      tilt (~> 1.3, >= 1.3.3)
    sinatra-contrib (1.3.1)
      backports (>= 2.0)
      eventmachine
      rack-protection
      rack-test
      sinatra (~> 1.3.0)
      tilt (~> 1.3)
    sinatra-flash (0.3.0)
      sinatra (>= 1.0.0)
    sinatra-redirect-with-flash (0.1.2)
      rack-flash (>= 0.1.1)
      sinatra (>= 0.9.1)
    sinatra-reloader (1.0)
      sinatra-contrib
    tilt (1.3.3)

PLATFORMS
  ruby

DEPENDENCIES
  haml
  rdiscount
  sass
  sinatra
  sinatra-contrib
  sinatra-flash
  sinatra-redirect-with-flash
  sinatra-reloader
